GIT
  remote: git://github.com/macomamio/readthis.git
  revision: 3d6076eee4e7ee72d3feb494a8b91790929ce635
  specs:
    readthis (1.5.0)
      connection_pool (~> 2.1)
      redis (~> 3.0)

GEM
  remote: https://rubygems.org/
  specs:
    connection_pool (2.2.1)
    redis (3.3.2)

PLATFORMS
  ruby

DEPENDENCIES
  readthis!

BUNDLED WITH
   1.13.7
